GEM
  remote: https://rubygems.org/
  specs:
    active_model_serializers (0.9.3)
      activemodel (>= 3.2)
    activemodel (4.2.1)
      activesupport (= 4.2.1)
      builder (~> 3.1)
    activerecord (4.2.1)
      activemodel (= 4.2.1)
      activesupport (= 4.2.1)
      arel (~> 6.0)
    activesupport (4.2.1)
      i18n (~> 0.7)
      json (~> 1.7, >= 1.7.7)
      minitest (~> 5.1)
      thread_safe (~> 0.3, >= 0.3.4)
      tzinfo (~> 1.1)
    arel (6.0.0)
    builder (3.2.2)
    diff-lcs (1.2.5)
    dotenv (1.0.2)
    erubis (2.7.0)
    excon (0.45.3)
    faraday (0.9.1)
      multipart-post (>= 1.2, < 3)
    foreman (0.78.0)
      thor (~> 0.19.1)
    git (1.2.9.1)
    hashie (3.4.1)
    heroics (0.0.14)
      erubis (~> 2.7.0)
      excon
      moneta
      multi_json (>= 1.9.2)
      netrc
    i18n (0.7.0)
    json (1.8.2)
    jwt (1.5.0)
    minitest (5.6.1)
    moneta (0.8.0)
    mono_logger (1.1.0)
    multi_json (1.11.0)
    multi_xml (0.5.5)
    multipart-post (2.0.0)
    naught (1.0.0)
    netrc (0.10.3)
    oauth2 (1.0.0)
      faraday (>= 0.8, < 0.10)
      jwt (~> 1.0)
      multi_json (~> 1.3)
      multi_xml (~> 0.5)
      rack (~> 1.2)
    omniauth (1.2.2)
      hashie (>= 1.2, < 4)
      rack (~> 1.0)
    omniauth-github (1.1.2)
      omniauth (~> 1.0)
      omniauth-oauth2 (~> 1.1)
    omniauth-heroku (0.2.0)
      omniauth (~> 1.2)
      omniauth-oauth2 (~> 1.2)
    omniauth-oauth2 (1.3.0)
      oauth2 (~> 1.0)
      omniauth (~> 1.2)
    pg (0.18.2)
    platform-api (0.2.0)
      heroics (~> 0.0.10)
    puma (2.11.3)
      rack (>= 1.1, < 2.0)
    rack (1.6.1)
    rack-protection (1.5.3)
      rack
    rake (10.4.2)
    redis (3.2.1)
    redis-namespace (1.5.2)
      redis (~> 3.0, >= 3.0.4)
    resque (1.25.2)
      mono_logger (~> 1.0)
      multi_json (~> 1.0)
      redis-namespace (~> 1.3)
      sinatra (>= 0.9.2)
      vegas (~> 0.1.2)
    resque-lock (1.1.0)
    rspec (3.2.0)
      rspec-core (~> 3.2.0)
      rspec-expectations (~> 3.2.0)
      rspec-mocks (~> 3.2.0)
    rspec-core (3.2.3)
      rspec-support (~> 3.2.0)
    rspec-expectations (3.2.1)
      diff-lcs (>= 1.2.0, < 2.0)
      rspec-support (~> 3.2.0)
    rspec-mocks (3.2.1)
      diff-lcs (>= 1.2.0, < 2.0)
      rspec-support (~> 3.2.0)
    rspec-support (3.2.2)
    sinatra (1.4.6)
      rack (~> 1.4)
      rack-protection (~> 1.4)
      tilt (>= 1.3, < 3)
    sinatra-activerecord (2.0.6)
      activerecord (>= 3.2)
      sinatra (~> 1.0)
    thor (0.19.1)
    thread_safe (0.3.5)
    tilt (2.0.1)
    tzinfo (1.2.2)
      thread_safe (~> 0.1)
    vegas (0.1.11)
      rack (>= 1.0.0)

PLATFORMS
  ruby

DEPENDENCIES
  active_model_serializers
  activerecord (~> 4.2)
  dotenv (~> 1.0)
  foreman (~> 0.77)
  git (~> 1.2)
  hashie (~> 3.4)
  naught
  omniauth (~> 1.2)
  omniauth-github (~> 1.1)
  omniauth-heroku (~> 0.2)
  pg (~> 0.18)
  platform-api (~> 0.2)
  puma (~> 2.11)
  rake (~> 10.1)
  resque (~> 1.25)
  resque-lock (~> 1.1)
  rspec (~> 3.0)
  sinatra (~> 1.4)
  sinatra-activerecord (~> 2.0)
